GEM
  remote: https://rubygems.org/
  specs:
    addressable (2.3.8)
    aws-sdk (1.38.0)
      json (~> 1.4)
      nokogiri (>= 1.4.4)
      uuidtools (~> 2.1)
    azure (0.7.1)
      addressable (~> 2.3)
      faraday (~> 0.9)
      faraday_middleware (~> 0.10)
      json (~> 1.8)
      mime-types (>= 1, < 3.0)
      nokogiri (~> 1.6)
      systemu (~> 2.6)
      thor (~> 0.19)
      uuid (~> 2.0)
    coderay (1.1.0)
    deep_hash_transform (1.0.0)
    faraday (0.9.2)
      multipart-post (>= 1.2, < 3)
    faraday_middleware (0.10.0)
      faraday (>= 0.7.4, < 0.10)
    hipchat-api (1.0.6)
      httparty
    httparty (0.13.5)
      json (~> 1.8)
      multi_xml (>= 0.5.2)
    json (1.8.1)
    kramdown (1.3.3)
    macaddr (1.7.1)
      systemu (~> 2.6.2)
    mail (2.6.3)
      mime-types (>= 1.16, < 3)
    method_source (0.8.2)
    mime-types (2.6.1)
    mini_portile (0.5.3)
    multi_xml (0.5.5)
    multipart-post (2.0.0)
    nokogiri (1.6.1)
      mini_portile (~> 0.5.0)
    pry (0.10.1)
      coderay (~> 1.1.0)
      method_source (~> 0.8.1)
      slop (~> 3.4)
    pry-doc (0.8.0)
      pry (~> 0.9)
      yard (~> 0.8)
    rake (10.2.2)
    s3etag (0.0.1)
    slop (3.6.0)
    systemu (2.6.5)
    thor (0.19.1)
    uuid (2.3.8)
      macaddr (~> 1.0)
    uuidtools (2.1.4)
    yard (0.8.7.4)

PLATFORMS
  ruby

DEPENDENCIES
  aws-sdk
  azure
  deep_hash_transform
  hipchat-api
  kramdown
  mail
  pry
  pry-doc
  rake
  s3etag
  yard

BUNDLED WITH
   1.10.5
