GEM
  remote: https://rubygems.org/
  specs:
    aws-sdk (1.38.0)
      json (~> 1.4)
      nokogiri (>= 1.4.4)
      uuidtools (~> 2.1)
    columnize (0.3.6)
    debugger (1.6.6)
      columnize (>= 0.3.1)
      debugger-linecache (~> 1.2.0)
      debugger-ruby_core_source (~> 1.3.2)
    debugger-linecache (1.2.0)
    debugger-ruby_core_source (1.3.2)
    json (1.8.1)
    kramdown (1.3.3)
    mini_portile (0.5.3)
    nokogiri (1.6.1)
      mini_portile (~> 0.5.0)
    rake (10.2.2)
    s3etag (0.0.1)
    uuidtools (2.1.4)
    yard (0.8.7.4)

PLATFORMS
  ruby

DEPENDENCIES
  aws-sdk
  debugger
  kramdown
  rake
  s3etag
  yard
